{
    "TaskName": "ltpFR",
    "Manufacturer": "EGI",
    "PowerLineFrequency": 60.0,
    "SamplingFrequency": 500.0,
    "SoftwareFilters": "n/a",
    "RecordingDuration": 4127.998,
    "RecordingType": "continuous",
    "EEGReference": "Cz",
    "EEGGround": "n/a",
    "EEGPlacementScheme": "n/a",
    "EEGChannelCount": 125,
    "EOGChannelCount": 4,
    "ECGChannelCount": 0,
    "EMGChannelCount": 0,
    "MiscChannelCount": 0,
    "TriggerChannelCount": 0,
    "CapManufacturer": "EGI",
    "CapManufacturersModelName": "HydroCel Geodisic Sensor Net"
}
