{
    "TaskName": "ltpFR2",
    "Manufacturer": "Biosemi",
    "PowerLineFrequency": "n/a",
    "SamplingFrequency": 2048.0,
    "SoftwareFilters": "n/a",
    "RecordingDuration": 5089.99951171875,
    "RecordingType": "continuous",
    "EEGReference": "n/a",
    "EEGGround": "n/a",
    "EEGPlacementScheme": "n/a",
    "EEGChannelCount": 136,
    "EOGChannelCount": 0,
    "ECGChannelCount": 0,
    "EMGChannelCount": 0,
    "MiscChannelCount": 0,
    "TriggerChannelCount": 1
}
